PATH
  remote: .
  specs:
    boomsql (0.0.1.beta6)
      methadone (~> 1.3.0)
      net-sftp
      net-ssh
      tiny_tds

GEM
  remote: https://rubygems.org/
  specs:
    aruba (0.5.3)
      childprocess (>= 0.3.6)
      cucumber (>= 1.1.1)
      rspec-expectations (>= 2.7.0)
    builder (3.2.2)
    childprocess (0.3.9)
      ffi (~> 1.0, >= 1.0.11)
    coderay (1.0.9)
    cucumber (1.3.2)
      builder (>= 2.1.2)
      diff-lcs (>= 1.1.3)
      gherkin (~> 2.12.0)
      multi_json (~> 1.3)
    diff-lcs (1.2.4)
    faraday (0.8.7)
      multipart-post (~> 1.1)
    faraday_middleware (0.9.0)
      faraday (>= 0.7.4, < 0.9)
    ffi (1.8.1)
    gemfury (0.4.16)
      faraday (>= 0.7.4, < 0.9)
      faraday_middleware (>= 0.7, < 0.10)
      highline (~> 1.6.0)
      multi_json (~> 1.0)
      thor (>= 0.14.0, < 1.0)
    gherkin (2.12.0)
      multi_json (~> 1.3)
    highline (1.6.19)
    methadone (1.3.0)
      bundler
    method_source (0.8.1)
    multi_json (1.7.5)
    multipart-post (1.2.0)
    net-sftp (2.1.2)
      net-ssh (>= 2.6.5)
    net-ssh (2.6.7)
    pry (0.9.12.2)
      coderay (~> 1.0.5)
      method_source (~> 0.8)
      slop (~> 3.4)
    rake (0.9.6)
    rspec (2.14.0.rc1)
      rspec-core (= 2.14.0.rc1)
      rspec-expectations (= 2.14.0.rc1)
      rspec-mocks (= 2.14.0.rc1)
    rspec-core (2.14.0.rc1)
    rspec-expectations (2.14.0.rc1)
      diff-lcs (>= 1.1.3, < 2.0)
    rspec-mocks (2.14.0.rc1)
    slop (3.4.5)
    thor (0.18.1)
    tiny_tds (0.5.1)
    yard (0.8.6.1)

PLATFORMS
  ruby

DEPENDENCIES
  aruba
  boomsql!
  bundler (~> 1.3)
  gemfury
  pry
  rake (~> 0.9.2)
  rspec (~> 2.14rc1)
  yard
