PATH
  remote: .
  specs:
    boomsql (0.0.1)
      methadone (~> 1.3.0)
      tiny_tds

GEM
  remote: https://rubygems.org/
  specs:
    diff-lcs (1.2.4)
    methadone (1.3.0)
      bundler
    rake (0.9.6)
    rspec (2.13.0)
      rspec-core (~> 2.13.0)
      rspec-expectations (~> 2.13.0)
      rspec-mocks (~> 2.13.0)
    rspec-core (2.13.1)
    rspec-expectations (2.13.0)
      diff-lcs (>= 1.1.3, < 2.0)
    rspec-mocks (2.13.1)
    tiny_tds (0.5.1)
    yard (0.8.6.1)

PLATFORMS
  ruby

DEPENDENCIES
  boomsql!
  bundler (~> 1.3)
  rake (~> 0.9.2)
  rspec
  yard
