PATH
  remote: .
  specs:
    boomsql (0.0.1.alpha1)
      methadone (~> 1.3.0)
      tiny_tds

GEM
  remote: https://rubygems.org/
  specs:
    diff-lcs (1.2.4)
    faraday (0.8.7)
      multipart-post (~> 1.1)
    faraday_middleware (0.9.0)
      faraday (>= 0.7.4, < 0.9)
    gemfury (0.4.16)
      faraday (>= 0.7.4, < 0.9)
      faraday_middleware (>= 0.7, < 0.10)
      highline (~> 1.6.0)
      multi_json (~> 1.0)
      thor (>= 0.14.0, < 1.0)
    highline (1.6.19)
    methadone (1.3.0)
      bundler
    multi_json (1.7.5)
    multipart-post (1.2.0)
    rake (0.9.6)
    rspec (2.13.0)
      rspec-core (~> 2.13.0)
      rspec-expectations (~> 2.13.0)
      rspec-mocks (~> 2.13.0)
    rspec-core (2.13.1)
    rspec-expectations (2.13.0)
      diff-lcs (>= 1.1.3, < 2.0)
    rspec-mocks (2.13.1)
    thor (0.18.1)
    tiny_tds (0.5.1)
    yard (0.8.6.1)

PLATFORMS
  ruby

DEPENDENCIES
  boomsql!
  bundler (~> 1.3)
  gemfury
  rake (~> 0.9.2)
  rspec
  yard
